GEM
  remote: https://rubygems.org/
  specs:
    jwt (2.3.0)
    openssl (3.0.0)
    puma (3.4.0)
    rack (1.6.13)
    rack-protection (1.5.5)
      rack
    redis (4.6.0)
    sinatra (1.4.8)
      rack (~> 1.5)
      rack-protection (~> 1.4)
      tilt (>= 1.3, < 3)
    tilt (2.0.10)

PLATFORMS
  ruby

DEPENDENCIES
  jwt (~> 2.3.0)
  openssl
  puma (~> 3.4.0)
  redis
  sinatra (~> 1.4.7)

BUNDLED WITH
   2.1.2
